GEM
  remote: http://rubygems.org/
  specs:
    haml (3.1.7)
    rack (1.4.1)
    rack-protection (1.2.0)
      rack
<<<<<<< HEAD
    randexp (0.1.7)
=======
    sass (3.2.1)
>>>>>>> a78973b45ef27d526eaa9291e4053e01d14e6975
    sequel (3.39.0)
    sinatra (1.3.3)
      rack (~> 1.3, >= 1.3.6)
      rack-protection (~> 1.2)
      tilt (~> 1.3, >= 1.3.3)
    sqlite3 (1.3.6)
    tilt (1.3.3)

PLATFORMS
  ruby

DEPENDENCIES
  haml
<<<<<<< HEAD
  randexp
=======
  sass
>>>>>>> a78973b45ef27d526eaa9291e4053e01d14e6975
  sequel
  sinatra
  sqlite3
